GIT
  remote: https://github.com/adhearsion/adhearsion.git
  revision: 7ae88e1bd8657680a4a5d26eb0150c92faffb01f
  branch: develop
  specs:
    adhearsion (3.0.0.rc1)
      activesupport (>= 3.0.0, < 5.0.0)
      adhearsion-loquacious (~> 1.9)
      blather (~> 2.0)
      celluloid (~> 0.16.0)
      countdownlatch
      deep_merge
      ffi (~> 1.0)
      future-resource (~> 1.0)
      has-guarded-handlers (~> 1.6, >= 1.6.3)
      i18n (~> 0.6)
      logging (~> 2.0)
      nokogiri (~> 1.8, >= 1.8.3)
      pry
      rake
      reel (~> 0.6.0)
      reel-rack (~> 0.2.0)
      ruby_ami (~> 2.2)
      ruby_jid (~> 1.0)
      ruby_speech (~> 3.0)
      state_machine (~> 1.0)
      thor (~> 0.18.0)
      virtus (~> 1.0)

GEM
  remote: https://rubygems.org/
  specs:
    activesupport (4.2.11.3)
      i18n (~> 0.7)
      minitest (~> 5.1)
      thread_safe (~> 0.3, >= 0.3.4)
      tzinfo (~> 1.1)
    addressable (2.7.0)
      public_suffix (>= 2.0.2, < 5.0)
    adhearsion-loquacious (1.9.3)
    ast (2.4.2)
    aws-eventstream (1.2.0)
    aws-partitions (1.633.0)
    aws-sdk-core (3.151.0)
      aws-eventstream (~> 1, >= 1.0.2)
      aws-partitions (~> 1, >= 1.525.0)
      aws-sigv4 (~> 1.1)
      jmespath (~> 1, >= 1.6.1)
    aws-sdk-lambda (1.85.0)
      aws-sdk-core (~> 3, >= 3.127.0)
      aws-sigv4 (~> 1.1)
    aws-sigv4 (1.5.1)
      aws-eventstream (~> 1, >= 1.0.2)
    axiom-types (0.1.1)
      descendants_tracker (~> 0.0.4)
      ice_nine (~> 0.11.0)
      thread_safe (~> 0.3, >= 0.3.1)
    bigdecimal (1.4.4)
    blather (2.0.0)
      activesupport (>= 2.3.11)
      eventmachine (~> 1.2, >= 1.2.6)
      niceogiri (~> 1.0)
      nokogiri (~> 1.8, >= 1.8.3)
      sucker_punch (~> 2.0)
    celluloid (0.16.0)
      timers (~> 4.0.0)
    celluloid-io (0.16.2)
      celluloid (>= 0.16.0)
      nio4r (>= 1.1.0)
    coderay (1.1.3)
    coercible (1.0.0)
      descendants_tracker (~> 0.0.1)
    concurrent-ruby (1.1.8)
    countdownlatch (1.0.0)
    crack (0.4.5)
      rexml
    deep_merge (1.2.1)
    descendants_tracker (0.0.4)
      thread_safe (~> 0.3, >= 0.3.1)
    diff-lcs (1.4.4)
    docile (1.3.5)
    domain_name (0.5.20190701)
      unf (>= 0.0.5, < 1.0.0)
    equalizer (0.0.11)
    eventmachine (1.2.7)
    faraday (1.4.1)
      faraday-excon (~> 1.1)
      faraday-net_http (~> 1.0)
      faraday-net_http_persistent (~> 1.1)
      multipart-post (>= 1.2, < 3)
      ruby2_keywords (>= 0.0.4)
    faraday-excon (1.1.0)
    faraday-net_http (1.0.1)
    faraday-net_http_persistent (1.1.0)
    ffi (1.15.0)
    ffi-compiler (1.0.1)
      ffi (>= 1.0.0)
      rake
    future-resource (1.1.0)
    has-guarded-handlers (1.6.3)
    hashdiff (1.0.1)
    hitimes (2.0.0)
    http (5.0.0)
      addressable (~> 2.3)
      http-cookie (~> 1.0)
      http-form_data (~> 2.2)
      llhttp-ffi (~> 0.0.1)
    http-cookie (1.0.3)
      domain_name (~> 0.5)
    http-form_data (2.3.0)
    http_parser.rb (0.6.0)
    i18n (0.9.5)
      concurrent-ruby (~> 1.0)
    ice_nine (0.11.2)
    jmespath (1.6.1)
    jwt (2.2.2)
    little-plugger (1.1.4)
    llhttp-ffi (0.0.1)
      ffi-compiler (~> 1.0)
      rake (~> 13.0)
    logging (2.3.0)
      little-plugger (~> 1.1)
      multi_json (~> 1.14)
    method_source (1.0.0)
    mini_portile2 (2.5.1)
    minitest (5.14.4)
    multi_json (1.15.0)
    multipart-post (2.1.1)
    mustermann (1.1.1)
      ruby2_keywords (~> 0.0.1)
    niceogiri (1.1.2)
      nokogiri (~> 1.5)
    nio4r (2.5.7)
    nokogiri (1.11.4)
      mini_portile2 (~> 2.5.0)
      racc (~> 1.4)
    okcomputer (1.18.4)
    parallel (1.20.1)
    parser (3.0.1.0)
      ast (~> 2.4.1)
    phony (2.20.0)
    pry (0.14.0)
      coderay (~> 1.1)
      method_source (~> 1.0)
    public_suffix (4.0.6)
    racc (1.5.2)
    rack (2.2.3)
    rack-protection (2.1.0)
      rack
    rack-test (1.1.0)
      rack (>= 1.0, < 3)
    rainbow (3.0.0)
    rake (13.0.3)
    reel (0.6.1)
      celluloid (>= 0.15.1)
      celluloid-io (>= 0.15.0)
      http (>= 0.6.0.pre)
      http_parser.rb (>= 0.6.0)
      websocket-driver (>= 0.5.1)
    reel-rack (0.2.3)
      rack (>= 1.4.0)
      reel (>= 0.5.0)
    regexp_parser (2.1.1)
    rexml (3.2.5)
    rspec (3.10.0)
      rspec-core (~> 3.10.0)
      rspec-expectations (~> 3.10.0)
      rspec-mocks (~> 3.10.0)
    rspec-core (3.10.1)
      rspec-support (~> 3.10.0)
    rspec-expectations (3.10.1)
      diff-lcs (>= 1.2.0, < 2.0)
      rspec-support (~> 3.10.0)
    rspec-mocks (3.10.2)
      diff-lcs (>= 1.2.0, < 2.0)
      rspec-support (~> 3.10.0)
    rspec-support (3.10.2)
    rubocop (1.12.1)
      parallel (~> 1.10)
      parser (>= 3.0.0.0)
      rainbow (>= 2.2.2, < 4.0)
      regexp_parser (>= 1.8, < 3.0)
      rexml
      rubocop-ast (>= 1.2.0, < 2.0)
      ruby-progressbar (~> 1.7)
      unicode-display_width (>= 1.4.0, < 3.0)
    rubocop-ast (1.4.1)
      parser (>= 2.7.1.5)
    rubocop-performance (1.10.2)
      rubocop (>= 0.90.0, < 2.0)
      rubocop-ast (>= 0.4.0)
    rubocop-rspec (2.2.0)
      rubocop (~> 1.0)
      rubocop-ast (>= 1.1.0)
    ruby-progressbar (1.11.0)
    ruby2_keywords (0.0.4)
    ruby_ami (2.4.0)
      celluloid-io (~> 0.13)
    ruby_jid (1.0.0)
    ruby_speech (3.0.0)
      activesupport (>= 3.0.7, < 5.0.0)
      nokogiri (~> 1.8, >= 1.8.3)
    sentry-raven (3.1.2)
      faraday (>= 1.0)
    simplecov (0.21.2)
      docile (~> 1.1)
      simplecov-html (~> 0.11)
      simplecov_json_formatter (~> 0.1)
    simplecov-html (0.12.3)
    simplecov-lcov (0.8.0)
    simplecov_json_formatter (0.1.2)
    sinatra (2.1.0)
      mustermann (~> 1.0)
      rack (~> 2.2)
      rack-protection (= 2.1.0)
      tilt (~> 2.0)
    sinatra-contrib (2.1.0)
      multi_json
      mustermann (~> 1.0)
      rack-protection (= 2.1.0)
      sinatra (= 2.1.0)
      tilt (~> 2.0)
    skylight (4.3.2)
      skylight-core (= 4.3.2)
    skylight-core (4.3.2)
      activesupport (>= 4.2.0)
    state_machine (1.2.0)
    sucker_punch (2.1.2)
      concurrent-ruby (~> 1.0)
    thor (0.18.1)
    thread_safe (0.3.6)
    tilt (2.0.10)
    timers (4.0.4)
      hitimes
    twilio-ruby (5.51.0)
      faraday (>= 0.9, < 2.0)
      jwt (>= 1.5, <= 2.5)
      nokogiri (>= 1.6, < 2.0)
    tzinfo (1.2.9)
      thread_safe (~> 0.1)
    unf (0.1.4)
      unf_ext
    unf_ext (0.0.7.7)
    unicode-display_width (2.0.0)
    vcr (6.0.0)
    virtus (1.0.5)
      axiom-types (~> 0.1)
      coercible (~> 1.0)
      descendants_tracker (~> 0.0, >= 0.0.3)
      equalizer (~> 0.0, >= 0.0.9)
    webmock (3.13.0)
      addressable (>= 2.3.6)
      crack (>= 0.3.2)
      hashdiff (>= 0.4.0, < 2.0.0)
    websocket-driver (0.7.3)
      websocket-extensions (>= 0.1.0)
    websocket-extensions (0.1.5)

PLATFORMS
  ruby

DEPENDENCIES
  adhearsion!
  aws-sdk-lambda
  bigdecimal (~> 1.4.0)
  http
  okcomputer
  phony
  rack-test
  rspec
  rubocop
  rubocop-performance
  rubocop-rspec
  sentry-raven
  simplecov
  simplecov-lcov
  sinatra
  sinatra-contrib
  skylight
  twilio-ruby
  vcr
  webmock

BUNDLED WITH
   2.3.7
