GIT
  remote: https://github.com/adhearsion/blather.git
  revision: 03f9cda14ed3f93a80504c2538cd514d6b025d04
  branch: develop
  specs:
    blather (2.0.0)
      activesupport (>= 2.3.11)
      eventmachine (~> 1.2, >= 1.2.6)
      niceogiri (~> 1.0)
      nokogiri (~> 1.8, >= 1.8.3)

GIT
  remote: https://github.com/somleng/adhearsion.git
  revision: 1e525707dedda1926dbecd2e82c607160c3ca545
  branch: develop
  specs:
    adhearsion (3.0.0.rc1)
      activesupport (>= 3.0.0)
      adhearsion-loquacious (~> 1.9)
      blather (~> 2.0)
      celluloid
      celluloid-pool
      celluloid-supervision
      countdownlatch
      deep_merge
      ffi (~> 1.0)
      future-resource (~> 1.0)
      has-guarded-handlers (~> 1.6, >= 1.6.3)
      http_parser.rb
      i18n
      logging (~> 2.0)
      nokogiri
      pry
      rake
      reel
      reel-rack
      ruby_ami (~> 2.2)
      ruby_jid (~> 1.0)
      ruby_speech (~> 3.0)
      state_machine (~> 1.0)
      thor
      virtus (~> 1.0)

GIT
  remote: https://github.com/somleng/encrypted_credentials.git
  revision: 7130b5b5093893e8d34c082939b9661c99910ab1
  specs:
    encrypted_credentials (0.1.0)
      base64
      ostruct

GIT
  remote: https://github.com/somleng/reel-rack.git
  revision: 2cc60ca964efc837ac16616a5a972275b43c270f
  branch: develop
  specs:
    reel-rack (0.2.3)
      rack (>= 1.4.0)
      rackup
      reel (>= 0.5.0)

GIT
  remote: https://github.com/somleng/reel.git
  revision: 96a087e3f28e9a9868bf341fbc4f16ca85a918b6
  branch: develop
  specs:
    reel (0.7.0.pre)
      celluloid (>= 0.15.1)
      celluloid-fsm
      celluloid-io (>= 0.15.0)
      http (>= 0.6.0.pre)
      http_parser.rb (>= 0.6.0)
      websocket-driver (>= 0.5.1)

GIT
  remote: https://github.com/somleng/tts_voices.git
  revision: 56abf5a66dd9b2b2f97787eeba516e81c593b645
  specs:
    tts_voices (0.1.0)
      aws-sdk-polly

GEM
  remote: https://rubygems.org/
  specs:
    activesupport (7.2.1)
      base64
      bigdecimal
      concurrent-ruby (~> 1.0, >= 1.3.1)
      connection_pool (>= 2.2.5)
      drb
      i18n (>= 1.6, < 2)
      logger (>= 1.4.2)
      minitest (>= 5.1)
      securerandom (>= 0.3)
      tzinfo (~> 2.0, >= 2.0.5)
    addressable (2.8.7)
      public_suffix (>= 2.0.2, < 7.0)
    adhearsion-loquacious (1.9.3)
    ast (2.4.2)
    aws-eventstream (1.3.0)
    aws-partitions (1.977.0)
    aws-sdk-core (3.206.0)
      aws-eventstream (~> 1, >= 1.3.0)
      aws-partitions (~> 1, >= 1.651.0)
      aws-sigv4 (~> 1.9)
      jmespath (~> 1, >= 1.6.1)
    aws-sdk-lambda (1.132.0)
      aws-sdk-core (~> 3, >= 3.205.0)
      aws-sigv4 (~> 1.5)
    aws-sdk-polly (1.94.0)
      aws-sdk-core (~> 3, >= 3.205.0)
      aws-sigv4 (~> 1.5)
    aws-sigv4 (1.10.0)
      aws-eventstream (~> 1, >= 1.0.2)
    axiom-types (0.1.1)
      descendants_tracker (~> 0.0.4)
      ice_nine (~> 0.11.0)
      thread_safe (~> 0.3, >= 0.3.1)
    base64 (0.2.0)
    bigdecimal (3.1.8)
    celluloid (0.18.0)
      timers (~> 4)
    celluloid-fsm (0.20.5)
      timers (>= 4.1.1)
    celluloid-io (0.17.3)
      celluloid (>= 0.17.2)
      nio4r (>= 1.1)
      timers (>= 4.1.1)
    celluloid-pool (0.20.5)
      timers (>= 4.1.1)
    celluloid-supervision (0.20.6)
      timers (>= 4.1.1)
    coderay (1.1.3)
    coercible (1.0.0)
      descendants_tracker (~> 0.0.1)
    concurrent-ruby (1.3.4)
    connection_pool (2.4.1)
    countdownlatch (1.0.0)
    crack (1.0.0)
      bigdecimal
      rexml
    deep_merge (1.2.2)
    descendants_tracker (0.0.4)
      thread_safe (~> 0.3, >= 0.3.1)
    diff-lcs (1.5.1)
    docile (1.4.1)
    domain_name (0.6.20240107)
    drb (2.2.1)
    equalizer (0.0.11)
    eventmachine (1.2.7)
    faraday (2.12.0)
      faraday-net_http (>= 2.0, < 3.4)
      json
      logger
    faraday-net_http (3.3.0)
      net-http
    ffi (1.17.0-aarch64-linux-musl)
    ffi (1.17.0-arm64-darwin)
    ffi (1.17.0-x86_64-linux-gnu)
    ffi (1.17.0-x86_64-linux-musl)
    ffi-compiler (1.3.2)
      ffi (>= 1.15.5)
      rake
    future-resource (1.1.0)
    has-guarded-handlers (1.6.3)
    hashdiff (1.1.1)
    http (5.2.0)
      addressable (~> 2.8)
      base64 (~> 0.1)
      http-cookie (~> 1.0)
      http-form_data (~> 2.2)
      llhttp-ffi (~> 0.5.0)
    http-cookie (1.0.7)
      domain_name (~> 0.5)
    http-form_data (2.3.0)
    http_parser.rb (0.8.0)
    i18n (1.14.6)
      concurrent-ruby (~> 1.0)
    ice_nine (0.11.2)
    jmespath (1.6.2)
    json (2.7.2)
    jwt (2.9.0)
      base64
    language_server-protocol (3.17.0.3)
    little-plugger (1.1.4)
    llhttp-ffi (0.5.0)
      ffi-compiler (~> 1.0)
      rake (~> 13.0)
    logger (1.6.1)
    logging (2.4.0)
      little-plugger (~> 1.1)
      multi_json (~> 1.14)
    method_source (1.1.0)
    minitest (5.25.1)
    mock_redis (0.45.0)
    multi_json (1.15.0)
    mustermann (3.0.3)
      ruby2_keywords (~> 0.0.1)
    net-http (0.4.1)
      uri
    niceogiri (1.1.2)
      nokogiri (~> 1.5)
    nio4r (2.7.3)
    nokogiri (1.16.7-aarch64-linux)
      racc (~> 1.4)
    nokogiri (1.16.7-arm64-darwin)
      racc (~> 1.4)
    nokogiri (1.16.7-x86_64-linux)
      racc (~> 1.4)
    okcomputer (1.18.5)
    ostruct (0.6.0)
    parallel (1.26.3)
    parser (3.3.5.0)
      ast (~> 2.4.1)
      racc
    phony (2.20.13)
    pry (0.14.2)
      coderay (~> 1.1)
      method_source (~> 1.0)
    public_suffix (6.0.1)
    racc (1.8.1)
    rack (3.1.7)
    rack-protection (4.0.0)
      base64 (>= 0.1.0)
      rack (>= 3.0.0, < 4)
    rack-session (2.0.0)
      rack (>= 3.0.0)
    rack-test (2.1.0)
      rack (>= 1.3)
    rackup (2.1.0)
      rack (>= 3)
      webrick (~> 1.8)
    rainbow (3.1.1)
    rake (13.2.1)
    redis (5.3.0)
      redis-client (>= 0.22.0)
    redis-client (0.22.2)
      connection_pool
    regexp_parser (2.9.2)
    rexml (3.3.7)
    rspec (3.13.0)
      rspec-core (~> 3.13.0)
      rspec-expectations (~> 3.13.0)
      rspec-mocks (~> 3.13.0)
    rspec-core (3.13.1)
      rspec-support (~> 3.13.0)
    rspec-expectations (3.13.3)
      diff-lcs (>= 1.2.0, < 2.0)
      rspec-support (~> 3.13.0)
    rspec-mocks (3.13.1)
      diff-lcs (>= 1.2.0, < 2.0)
      rspec-support (~> 3.13.0)
    rspec-support (3.13.1)
    rubocop (1.66.1)
      json (~> 2.3)
      language_server-protocol (>= 3.17.0)
      parallel (~> 1.10)
      parser (>= 3.3.0.2)
      rainbow (>= 2.2.2, < 4.0)
      regexp_parser (>= 2.4, < 3.0)
      rubocop-ast (>= 1.32.2, < 2.0)
      ruby-progressbar (~> 1.7)
      unicode-display_width (>= 2.4.0, < 3.0)
    rubocop-ast (1.32.3)
      parser (>= 3.3.1.0)
    rubocop-minitest (0.36.0)
      rubocop (>= 1.61, < 2.0)
      rubocop-ast (>= 1.31.1, < 2.0)
    rubocop-performance (1.22.1)
      rubocop (>= 1.48.1, < 2.0)
      rubocop-ast (>= 1.31.1, < 2.0)
    rubocop-rails (2.26.1)
      activesupport (>= 4.2.0)
      rack (>= 1.1)
      rubocop (>= 1.52.0, < 2.0)
      rubocop-ast (>= 1.31.1, < 2.0)
    rubocop-rails-omakase (1.0.0)
      rubocop
      rubocop-minitest
      rubocop-performance
      rubocop-rails
    rubocop-rspec (3.0.5)
      rubocop (~> 1.61)
    ruby-progressbar (1.13.0)
    ruby2_keywords (0.0.5)
    ruby_ami (2.4.0)
      celluloid-io (~> 0.13)
    ruby_jid (1.0.0)
    ruby_speech (3.0.1)
      activesupport (>= 3.0.7)
      nokogiri (~> 1.8, >= 1.8.3)
    securerandom (0.3.1)
    sentry-ruby (5.19.0)
      bigdecimal
      concurrent-ruby (~> 1.0, >= 1.0.2)
    simplecov (0.22.0)
      docile (~> 1.1)
      simplecov-html (~> 0.11)
      simplecov_json_formatter (~> 0.1)
    simplecov-cobertura (2.1.0)
      rexml
      simplecov (~> 0.19)
    simplecov-html (0.13.1)
    simplecov_json_formatter (0.1.4)
    sinatra (4.0.0)
      mustermann (~> 3.0)
      rack (>= 3.0.0, < 4)
      rack-protection (= 4.0.0)
      rack-session (>= 2.0.0, < 3)
      tilt (~> 2.0)
    sinatra-contrib (4.0.0)
      multi_json (>= 0.0.2)
      mustermann (~> 3.0)
      rack-protection (= 4.0.0)
      sinatra (= 4.0.0)
      tilt (~> 2.0)
    skylight (6.0.4)
      activesupport (>= 5.2.0)
    state_machine (1.2.0)
    sucker_punch (3.2.0)
      concurrent-ruby (~> 1.0)
    thor (1.3.2)
    thread_safe (0.3.6)
    tilt (2.4.0)
    timers (4.3.5)
    twilio-ruby (7.3.1)
      faraday (>= 0.9, < 3.0)
      jwt (>= 1.5, < 3.0)
      nokogiri (>= 1.6, < 2.0)
    tzinfo (2.0.6)
      concurrent-ruby (~> 1.0)
    unicode-display_width (2.6.0)
    uri (0.13.1)
    vcr (6.3.1)
      base64
    virtus (1.0.5)
      axiom-types (~> 0.1)
      coercible (~> 1.0)
      descendants_tracker (~> 0.0, >= 0.0.3)
      equalizer (~> 0.0, >= 0.0.9)
    webmock (3.23.1)
      addressable (>= 2.8.0)
      crack (>= 0.3.2)
      hashdiff (>= 0.4.0, < 2.0.0)
    webrick (1.8.1)
    websocket-driver (0.7.6)
      websocket-extensions (>= 0.1.0)
    websocket-extensions (0.1.5)

PLATFORMS
  aarch64-linux-musl
  arm64-darwin-22
  arm64-darwin-23
  x86_64-linux
  x86_64-linux-musl

DEPENDENCIES
  adhearsion!
  aws-sdk-lambda
  aws-sdk-polly
  blather!
  connection_pool
  encrypted_credentials!
  faraday
  http
  mock_redis
  okcomputer
  phony
  rack-test
  rackup
  redis
  reel!
  reel-rack!
  rspec
  rubocop-performance
  rubocop-rails-omakase
  rubocop-rspec
  sentry-ruby
  simplecov
  simplecov-cobertura
  sinatra
  sinatra-contrib
  skylight
  sucker_punch
  tts_voices!
  twilio-ruby
  vcr
  webmock

BUNDLED WITH
   2.5.18
